PATH
  remote: .
  specs:
    configatron (2.10.0)
      yamler (>= 0.1.0)

GEM
  remote: https://rubygems.org/
  specs:
    diff-lcs (1.1.3)
    rake (0.9.2.2)
    rspec (2.8.0)
      rspec-core (~> 2.8.0)
      rspec-expectations (~> 2.8.0)
      rspec-mocks (~> 2.8.0)
    rspec-core (2.8.0)
    rspec-expectations (2.8.0)
      diff-lcs (~> 1.1.2)
    rspec-mocks (2.8.0)
    yamler (0.1.0)

PLATFORMS
  ruby

DEPENDENCIES
  configatron!
  rake
  rspec
