GEM
  remote: http://rubygems.org/
  specs:
    activesupport (3.0.7)
    diff-lcs (1.1.2)
    erubis (2.7.0)
    gemstub (2.0.4)
      activesupport (>= 3.0.0)
      genosaurus
      mark_facets
      rspec (>= 2.0.0)
    genosaurus (1.2.4)
      erubis
    hashie (1.0.0)
    mark_facets (0.2.0)
      hashie
    rake (0.8.7)
    rspec (2.6.0)
      rspec-core (~> 2.6.0)
      rspec-expectations (~> 2.6.0)
      rspec-mocks (~> 2.6.0)
    rspec-core (2.6.4)
    rspec-expectations (2.6.0)
      diff-lcs (~> 1.1.2)
    rspec-mocks (2.6.0)
    yamler (0.1.0)

PLATFORMS
  ruby

DEPENDENCIES
  gemstub (>= 2.0.0.pre)
  rake
  rspec (>= 2.0.0.beta.19)
  yamler
